GEM
  remote: https://rubygems.org/
  specs:
    activemodel (5.0.1)
      activesupport (= 5.0.1)
    activerecord (5.0.1)
      activemodel (= 5.0.1)
      activesupport (= 5.0.1)
      arel (~> 7.0)
    activesupport (5.0.1)
      concurrent-ruby (~> 1.0, >= 1.0.2)
      i18n (~> 0.7)
      minitest (~> 5.1)
      tzinfo (~> 1.1)
    arel (7.1.4)
    concurrent-ruby (1.0.3)
    ethon (0.10.1)
      ffi (>= 1.3.0)
    ffi (1.9.14)
    i18n (0.7.0)
    i2c (0.4.0)
    minitest (5.10.1)
    sqlite3 (1.3.12)
    thread_safe (0.3.5)
    typhoeus (1.1.2)
      ethon (>= 0.9.0)
    tzinfo (1.2.2)
      thread_safe (~> 0.1)

PLATFORMS
  ruby

DEPENDENCIES
  activerecord
  i2c
  sqlite3
  typhoeus

BUNDLED WITH
   1.13.6
