GEM
  remote: https://rubygems.org/
  specs:
    activemodel (5.2.4.5)
      activesupport (= 5.2.4.5)
    activerecord (5.2.4.5)
      activemodel (= 5.2.4.5)
      activesupport (= 5.2.4.5)
      arel (>= 9.0)
    activesupport (5.2.4.5)
      concurrent-ruby (~> 1.0, >= 1.0.2)
      i18n (>= 0.7, < 2)
      minitest (~> 5.1)
      tzinfo (~> 1.1)
    arel (9.0.0)
    concurrent-ruby (1.1.8)
    ethon (0.10.1)
      ffi (>= 1.3.0)
    ffi (1.11.3)
    god (0.13.7)
    i18n (1.8.9)
      concurrent-ruby (~> 1.0)
    i2c (0.4.0)
    minitest (5.14.4)
    sqlite3 (1.3.12)
    thread_safe (0.3.6)
    typhoeus (1.1.2)
      ethon (>= 0.9.0)
    tzinfo (1.2.9)
      thread_safe (~> 0.1)

PLATFORMS
  ruby

DEPENDENCIES
  activerecord (~> 5.2.4)
  god
  i2c
  sqlite3
  typhoeus

BUNDLED WITH
   1.13.6
